GEM
  remote: https://rubygems.org/
  specs:
    byebug (11.1.1)
    coderay (1.1.2)
    method_source (0.9.2)
    minitest (5.13.0)
    pry (0.12.2)
      coderay (~> 1.1.0)
      method_source (~> 0.9.0)
    pry-byebug (3.8.0)
      byebug (~> 11.0)
      pry (~> 0.10)
    rake (13.0.1)

PLATFORMS
  ruby

DEPENDENCIES
  minitest (~> 5.13)
  pry-byebug
  rake (~> 13.0)

BUNDLED WITH
   2.1.4
